GIT
  remote: https://github.com/shayani/social-share-button
  revision: 6f34d6e1649f1fb4fa7297adac9a734bc8702b01
  specs:
    social-share-button (1.1.1)
      coffee-rails

GEM
  remote: https://rubygems.org/
  specs:
    actioncable (6.0.3.4)
      actionpack (= 6.0.3.4)
      nio4r (~> 2.0)
      websocket-driver (>= 0.6.1)
    actionmailbox (6.0.3.4)
      actionpack (= 6.0.3.4)
      activejob (= 6.0.3.4)
      activerecord (= 6.0.3.4)
      activestorage (= 6.0.3.4)
      activesupport (= 6.0.3.4)
      mail (>= 2.7.1)
    actionmailer (6.0.3.4)
      actionpack (= 6.0.3.4)
      actionview (= 6.0.3.4)
      activejob (= 6.0.3.4)
      mail (~> 2.5, >= 2.5.4)
      rails-dom-testing (~> 2.0)
    actionpack (6.0.3.4)
      actionview (= 6.0.3.4)
      activesupport (= 6.0.3.4)
      rack (~> 2.0, >= 2.0.8)
      rack-test (>= 0.6.3)
      rails-dom-testing (~> 2.0)
      rails-html-sanitizer (~> 1.0, >= 1.2.0)
    actiontext (6.0.3.4)
      actionpack (= 6.0.3.4)
      activerecord (= 6.0.3.4)
      activestorage (= 6.0.3.4)
      activesupport (= 6.0.3.4)
      nokogiri (>= 1.8.5)
    actionview (6.0.3.4)
      activesupport (= 6.0.3.4)
      builder (~> 3.1)
      erubi (~> 1.4)
      rails-dom-testing (~> 2.0)
      rails-html-sanitizer (~> 1.1, >= 1.2.0)
    activejob (6.0.3.4)
      activesupport (= 6.0.3.4)
      globalid (>= 0.3.6)
    activemodel (6.0.3.4)
      activesupport (= 6.0.3.4)
    activerecord (6.0.3.4)
      activemodel (= 6.0.3.4)
      activesupport (= 6.0.3.4)
    activestorage (6.0.3.4)
      actionpack (= 6.0.3.4)
      activejob (= 6.0.3.4)
      activerecord (= 6.0.3.4)
      marcel (~> 0.3.1)
    activesupport (6.0.3.4)
      concurrent-ruby (~> 1.0, >= 1.0.2)
      i18n (>= 0.7, < 2)
      minitest (~> 5.1)
      tzinfo (~> 1.1)
      zeitwerk (~> 2.2, >= 2.2.2)
    acts-as-taggable-on (6.5.0)
      activerecord (>= 5.0, < 6.1)
    addressable (2.7.0)
      public_suffix (>= 2.0.2, < 5.0)
    airbrussh (1.4.0)
      sshkit (>= 1.6.1, != 1.7.0)
    autoprefixer-rails (10.0.2.0)
      execjs
    bcrypt (3.1.16)
    bcrypt_pbkdf (1.0.1)
    better_errors (2.9.1)
      coderay (>= 1.0.0)
      erubi (>= 1.0.0)
      rack (>= 0.9.0)
    bindex (0.8.1)
    binding_of_caller (0.8.0)
      debug_inspector (>= 0.0.1)
    bootsnap (1.5.1)
      msgpack (~> 1.0)
    bootstrap (4.5.3)
      autoprefixer-rails (>= 9.1.0)
      popper_js (>= 1.14.3, < 2)
      sassc-rails (>= 2.0.0)
    browser (5.1.0)
    builder (3.2.4)
    bullet (6.1.0)
      activesupport (>= 3.0.0)
      uniform_notifier (~> 1.11)
    byebug (11.1.3)
    capistrano (3.14.1)
      airbrussh (>= 1.0.0)
      i18n
      rake (>= 10.0.0)
      sshkit (>= 1.9.0)
    capistrano-bundler (2.0.1)
      capistrano (~> 3.1)
    capistrano-passenger (0.2.0)
      capistrano (~> 3.0)
    capistrano-rails (1.6.1)
      capistrano (~> 3.1)
      capistrano-bundler (>= 1.1, < 3)
    capistrano-rvm (0.1.2)
      capistrano (~> 3.0)
      sshkit (~> 1.2)
    capybara (3.33.0)
      addressable
      mini_mime (>= 0.1.3)
      nokogiri (~> 1.8)
      rack (>= 1.6.0)
      rack-test (>= 0.6.3)
      regexp_parser (~> 1.5)
      xpath (~> 3.2)
    childprocess (3.0.0)
    coderay (1.1.3)
    coffee-rails (5.0.0)
      coffee-script (>= 2.2.0)
      railties (>= 5.2.0)
    coffee-script (2.4.1)
      coffee-script-source
      execjs
    coffee-script-source (1.12.2)
    concurrent-ruby (1.1.7)
    crack (0.4.4)
    crass (1.0.6)
    css_parser (1.7.1)
      addressable
    daemons (1.3.1)
    debug_inspector (0.0.3)
    delayed_job (4.1.8)
      activesupport (>= 3.0, < 6.1)
    delayed_job_active_record (4.1.4)
      activerecord (>= 3.0, < 6.1)
      delayed_job (>= 3.0, < 5)
    delayed_job_web (1.4.3)
      activerecord (> 3.0.0)
      delayed_job (> 2.0.3)
      rack-protection (>= 1.5.5)
      sinatra (>= 1.4.4)
    devise (4.7.3)
      bcrypt (~> 3.0)
      orm_adapter (~> 0.1)
      railties (>= 4.1.0)
      responders
      warden (~> 1.2.3)
    diffy (3.4.0)
    docile (1.3.2)
    ed25519 (1.2.4)
    erubi (1.10.0)
    execjs (2.7.0)
    factory_bot (6.1.0)
      activesupport (>= 5.0.0)
    factory_bot_rails (6.1.0)
      factory_bot (~> 6.1.0)
      railties (>= 5.0.0)
    faker (2.14.0)
      i18n (>= 1.6, < 2)
    faraday (1.1.0)
      multipart-post (>= 1.2, < 3)
      ruby2_keywords
    ffi (1.13.1)
    flag-icons-rails (3.4.6.1)
      sass-rails
    font-awesome-sass (5.15.1)
      sassc (>= 1.11)
    fullcalendar-rails (3.9.0.0)
      jquery-rails (>= 4.0.5, < 5.0.0)
      jquery-ui-rails (>= 5.0.2)
      momentjs-rails (>= 2.9.0)
    geocoder (1.6.4)
    globalid (0.4.2)
      activesupport (>= 4.2.0)
    haml (5.2.0)
      temple (>= 0.8.0)
      tilt
    hashdiff (1.0.1)
    hashie (4.1.0)
    highcharts-rails (6.0.3)
      railties (>= 3.1)
    hirb (0.7.2)
    htmlentities (4.3.4)
    httparty (0.18.1)
      mime-types (~> 3.0)
      multi_xml (>= 0.5.2)
    i18n (1.8.5)
      concurrent-ruby (~> 1.0)
    icalendar (2.7.0)
      ice_cube (~> 0.16)
    ice_cube (0.16.3)
    image_processing (1.12.1)
      mini_magick (>= 4.9.5, < 5)
      ruby-vips (>= 2.0.17, < 3)
    invisible_captcha (1.1.0)
      rails (>= 4.2)
    jbuilder (2.10.1)
      activesupport (>= 5.0.0)
    jquery-rails (4.4.0)
      rails-dom-testing (>= 1, < 3)
      railties (>= 4.2.0)
      thor (>= 0.14, < 2.0)
    jquery-ui-rails (6.0.1)
      railties (>= 3.2.16)
    jwt (2.2.2)
    leaflet-rails (1.7.0)
      rails (>= 4.2.0)
    libv8 (8.4.255.0)
    listen (3.3.1)
      rb-fsevent (~> 0.10, >= 0.10.3)
      rb-inotify (~> 0.9, >= 0.9.10)
    loofah (2.7.0)
      crass (~> 1.0.2)
      nokogiri (>= 1.5.9)
    mail (2.7.1)
      mini_mime (>= 0.1.1)
    marcel (0.3.3)
      mimemagic (~> 0.3.2)
    meta_request (0.7.2)
      rack-contrib (>= 1.1, < 3)
      railties (>= 3.0.0, < 7)
    method_source (1.0.0)
    mime-types (3.3.1)
      mime-types-data (~> 3.2015)
    mime-types-data (3.2020.1104)
    mimemagic (0.3.5)
    mini_magick (4.11.0)
    mini_mime (1.0.2)
    mini_portile2 (2.5.0)
    mini_racer (0.3.1)
      libv8 (~> 8.4.255)
    minitest (5.14.2)
    momentjs-rails (2.20.1)
      railties (>= 3.1)
    msgpack (1.3.3)
    multi_json (1.15.0)
    multi_xml (0.6.0)
    multipart-post (2.1.1)
    mustermann (1.1.1)
      ruby2_keywords (~> 0.0.1)
    net-scp (3.0.0)
      net-ssh (>= 2.6.5, < 7.0.0)
    net-ssh (6.1.0)
    nio4r (2.5.4)
    nokogiri (1.11.1)
      mini_portile2 (~> 2.5.0)
      racc (~> 1.4)
    oauth2 (1.4.4)
      faraday (>= 0.8, < 2.0)
      jwt (>= 1.0, < 3.0)
      multi_json (~> 1.3)
      multi_xml (~> 0.5)
      rack (>= 1.2, < 3)
    omniauth (1.9.1)
      hashie (>= 3.4.6)
      rack (>= 1.6.2, < 3)
    omniauth-facebook (6.0.0)
      omniauth-oauth2 (~> 1.2)
    omniauth-oauth2 (1.7.0)
      oauth2 (~> 1.4)
      omniauth (~> 1.9)
    orm_adapter (0.5.0)
    pagy (3.7.5)
    paper_trail (10.3.1)
      activerecord (>= 4.2)
      request_store (~> 1.1)
    paper_trail-association_tracking (2.1.1)
    pg (1.2.3)
    popper_js (1.16.0)
    premailer (1.14.2)
      addressable
      css_parser (>= 1.6.0)
      htmlentities (>= 4.0.0)
    premailer-rails (1.11.1)
      actionmailer (>= 3)
      premailer (~> 1.7, >= 1.7.9)
    public_suffix (4.0.6)
    puma (5.0.4)
      nio4r (~> 2.0)
    racc (1.5.2)
    rack (2.2.3)
    rack-attack (6.3.1)
      rack (>= 1.0, < 3)
    rack-contrib (2.2.0)
      rack (~> 2.0)
    rack-cors (1.1.1)
      rack (>= 2.0.0)
    rack-protection (2.1.0)
      rack
    rack-proxy (0.6.5)
      rack
    rack-test (1.1.0)
      rack (>= 1.0, < 3)
    rails (6.0.3.4)
      actioncable (= 6.0.3.4)
      actionmailbox (= 6.0.3.4)
      actionmailer (= 6.0.3.4)
      actionpack (= 6.0.3.4)
      actiontext (= 6.0.3.4)
      actionview (= 6.0.3.4)
      activejob (= 6.0.3.4)
      activemodel (= 6.0.3.4)
      activerecord (= 6.0.3.4)
      activestorage (= 6.0.3.4)
      activesupport (= 6.0.3.4)
      bundler (>= 1.3.0)
      railties (= 6.0.3.4)
      sprockets-rails (>= 2.0.0)
    rails-dom-testing (2.0.3)
      activesupport (>= 4.2.0)
      nokogiri (>= 1.6)
    rails-html-sanitizer (1.3.0)
      loofah (~> 2.3)
    railties (6.0.3.4)
      actionpack (= 6.0.3.4)
      activesupport (= 6.0.3.4)
      method_source
      rake (>= 0.8.7)
      thor (>= 0.20.3, < 2.0)
    rake (13.0.1)
    rb-fsevent (0.10.4)
    rb-inotify (0.10.1)
      ffi (~> 1.0)
    redcarpet (3.5.1)
    redis (4.2.2)
    regexp_parser (1.8.2)
    request_store (1.5.0)
      rack (>= 1.4)
    responders (3.0.1)
      actionpack (>= 5.0)
      railties (>= 5.0)
    ruby-vips (2.0.17)
      ffi (~> 1.9)
    ruby2_keywords (0.0.2)
    rubyzip (2.3.0)
    sass-rails (6.0.0)
      sassc-rails (~> 2.1, >= 2.1.1)
    sassc (2.4.0)
      ffi (~> 1.9)
    sassc-rails (2.1.2)
      railties (>= 4.0.0)
      sassc (>= 2.0)
      sprockets (> 3.0)
      sprockets-rails
      tilt
    seed_dump (3.3.1)
      activerecord (>= 4)
      activesupport (>= 4)
    select2-rails (4.0.13)
    selenium-webdriver (3.142.7)
      childprocess (>= 0.5, < 4.0)
      rubyzip (>= 1.2.2)
    semantic_range (2.3.0)
    sentry-raven (3.0.4)
      faraday (>= 1.0)
    simple_token_authentication (1.17.0)
      actionmailer (>= 3.2.6, < 7)
      actionpack (>= 3.2.6, < 7)
      devise (>= 3.2, < 6)
    simplecov (0.19.1)
      docile (~> 1.1)
      simplecov-html (~> 0.11)
    simplecov-html (0.12.3)
    sinatra (2.1.0)
      mustermann (~> 1.0)
      rack (~> 2.2)
      rack-protection (= 2.1.0)
      tilt (~> 2.0)
    sitemap_generator (6.1.2)
      builder (~> 3.0)
    sprockets (4.0.2)
      concurrent-ruby (~> 1.0)
      rack (> 1, < 3)
    sprockets-rails (3.2.2)
      actionpack (>= 4.0)
      activesupport (>= 4.0)
      sprockets (>= 3.0.0)
    sshkit (1.21.0)
      net-scp (>= 1.1.2)
      net-ssh (>= 2.8.0)
    temple (0.8.2)
    thor (1.0.1)
    thread_safe (0.3.6)
    tilt (2.0.10)
    timezone (1.3.10)
    tzinfo (1.2.8)
      thread_safe (~> 0.1)
    uniform_notifier (1.13.0)
    vcr (6.0.0)
    warden (1.2.9)
      rack (>= 2.0.9)
    web-console (4.1.0)
      actionview (>= 6.0.0)
      activemodel (>= 6.0.0)
      bindex (>= 0.4.0)
      railties (>= 6.0.0)
    webdrivers (4.4.1)
      nokogiri (~> 1.6)
      rubyzip (>= 1.3.0)
      selenium-webdriver (>= 3.0, < 4.0)
    webmock (3.10.0)
      addressable (>= 2.3.6)
      crack (>= 0.3.2)
      hashdiff (>= 0.4.0, < 2.0.0)
    webpacker (5.2.1)
      activesupport (>= 5.2)
      rack-proxy (>= 0.6.1)
      railties (>= 5.2)
      semantic_range (>= 2.3.0)
    websocket-driver (0.7.3)
      websocket-extensions (>= 0.1.0)
    websocket-extensions (0.1.5)
    xpath (3.2.0)
      nokogiri (~> 1.8)
    yard (0.9.25)
    zeitwerk (2.4.1)

PLATFORMS
  ruby

DEPENDENCIES
  acts-as-taggable-on (~> 6.5)
  bcrypt_pbkdf
  better_errors
  binding_of_caller
  bootsnap (>= 1.4.2)
  bootstrap (~> 4.3)
  browser (~> 5.0)
  bullet
  byebug
  capistrano (~> 3.14.1)
  capistrano-bundler
  capistrano-passenger
  capistrano-rails (~> 1.4)
  capistrano-rvm
  capybara
  coffee-rails
  daemons (~> 1.3)
  delayed_job_active_record (~> 4.1)
  delayed_job_web
  devise (>= 4.7.1)
  diffy (~> 3.3)
  ed25519
  factory_bot_rails
  faker
  flag-icons-rails (~> 3.4)
  font-awesome-sass (~> 5)
  fullcalendar-rails (~> 3.9)
  geocoder (~> 1.6)
  haml (~> 5)
  highcharts-rails (~> 6.0)
  hirb (= 0.7.2)
  httparty (~> 0.18)
  icalendar (~> 2.6)
  image_processing (~> 1.2)
  invisible_captcha (~> 1.0)
  jbuilder (~> 2.5)
  jquery-rails (~> 4.3, >= 4.3.3)
  jquery-ui-rails (~> 6.0, >= 6.0.1)
  leaflet-rails (~> 1.7.0)
  listen
  meta_request
  mini_magick (~> 4.10)
  mini_racer (~> 0.2)
  momentjs-rails (~> 2.20)
  nokogiri (>= 1.10.4)
  omniauth-facebook (~> 6.0)
  pagy (~> 3.7.5)
  paper_trail (~> 10.3)
  paper_trail-association_tracking (~> 2.0)
  pg (~> 1.1, >= 1.1.3)
  premailer-rails (~> 1.11)
  puma (~> 5.0.4)
  rack-attack (~> 6.2)
  rack-cors (~> 1.1)
  rails (~> 6.0)
  rake
  redcarpet (~> 3.5)
  redis (~> 4.1)
  sass-rails (~> 6)
  seed_dump
  select2-rails (~> 4.0)
  selenium-webdriver
  sentry-raven (= 3.0.4)
  simple_token_authentication (~> 1.0)
  simplecov
  sitemap_generator (~> 6.1)
  social-share-button!
  timezone (~> 1.0)
  vcr
  web-console
  webdrivers
  webmock
  webpacker (~> 5.0)
  yard

RUBY VERSION
   ruby 2.6.5p114

BUNDLED WITH
   2.1.4
